GEM
  specs:
    hpricot (0.8.3)

PLATFORMS
  ruby

DEPENDENCIES
  hpricot
