GEM
  specs:
    archive-tar-minitar (0.5.2)
    columnize (0.3.2)
    hpricot (0.8.3)
    linecache19 (0.5.11)
      ruby_core_source (>= 0.1.4)
    ruby-debug-base19 (0.11.24)
      columnize (>= 0.3.1)
      linecache19 (>= 0.5.11)
      ruby_core_source (>= 0.1.4)
    ruby-debug19 (0.11.6)
      columnize (>= 0.3.1)
      linecache19 (>= 0.5.11)
      ruby-debug-base19 (>= 0.11.19)
    ruby_core_source (0.1.4)
      archive-tar-minitar (>= 0.5.2)

PLATFORMS
  ruby

DEPENDENCIES
  hpricot
  ruby-debug19
